GIT
  remote: https://github.com/rodjek/puppet-lint
  revision: eec92c19ccfbf558890124d4436bfe7d0e8879e5
  ref: eec92c19ccfbf558890124d4436bfe7d0e8879e5
  specs:
    puppet-lint (1.1.0)

GEM
  remote: https://rubygems.org/
  specs:
    CFPropertyList (2.2.8)
    addressable (2.3.8)
    crack (0.4.2)
      safe_yaml (~> 1.0.0)
    diff-lcs (1.2.5)
    facter (2.4.6)
      CFPropertyList (~> 2.2.6)
    hashdiff (0.2.2)
    hiera (1.3.4)
      json_pure
    json_pure (1.8.3)
    metaclass (0.0.4)
    mocha (1.1.0)
      metaclass (~> 0.0.1)
    puppet (3.8.5)
      facter (> 1.6, < 3)
      hiera (~> 1.0)
      json_pure
    puppet-syntax (1.3.0)
      rake
    puppetlabs_spec_helper (0.8.1)
      mocha
      puppet-lint
      puppet-syntax
      rake
      rspec
      rspec-puppet
    rake (10.3.2)
    rspec (3.2.0)
      rspec-core (~> 3.2.0)
      rspec-expectations (~> 3.2.0)
      rspec-mocks (~> 3.2.0)
    rspec-core (3.2.3)
      rspec-support (~> 3.2.0)
    rspec-expectations (3.2.1)
      diff-lcs (>= 1.2.0, < 2.0)
      rspec-support (~> 3.2.0)
    rspec-mocks (3.2.1)
      diff-lcs (>= 1.2.0, < 2.0)
      rspec-support (~> 3.2.0)
    rspec-puppet (2.3.2)
      rspec
    rspec-support (3.2.2)
    safe_yaml (1.0.4)
    webmock (1.22.1)
      addressable (>= 2.3.6)
      crack (>= 0.3.2)
      hashdiff

PLATFORMS
  ruby

DEPENDENCIES
  puppet (= 3.8.5)
  puppet-lint!
  puppetlabs_spec_helper
  rspec (~> 3.2.0)
  rspec-mocks
  rspec-puppet
  webmock

BUNDLED WITH
   1.11.2
